GEM
  remote: https://rubygems.org/
  specs:
    aws-sdk (2.9.37)
      aws-sdk-resources (= 2.9.37)
    aws-sdk-core (2.9.37)
      aws-sigv4 (~> 1.0)
      jmespath (~> 1.0)
    aws-sdk-resources (2.9.37)
      aws-sdk-core (= 2.9.37)
    aws-sigv4 (1.0.0)
    dotenv (2.2.1)
    httparty (0.15.5)
      multi_xml (>= 0.5.2)
    jmespath (1.3.1)
    multi_xml (0.6.0)

PLATFORMS
  ruby

DEPENDENCIES
  aws-sdk
  dotenv
  httparty

BUNDLED WITH
   1.15.1
